GEM
  remote: https://rubygems.org/
  specs:
    rake (13.0.3)

PLATFORMS
  arm64-darwin-20

DEPENDENCIES
  rake (~> 13.0)

BUNDLED WITH
   2.2.15
